GEM
  remote: http://rubygems.org/
  specs:
    bson (1.3.1)
    bson_ext (1.3.1)
    mongo (1.3.1)
      bson (>= 1.3.1)
    rake (0.9.2)

PLATFORMS
  ruby

DEPENDENCIES
  bson_ext
  mongo
  rake (~> 0.9.0)
