PATH
  remote: ../../
  specs:
    abongo (1.0.8)
      mongo

GEM
  remote: http://rubygems.org/
  specs:
    bson (1.3.1)
    bson_ext (1.3.1)
    haml (3.1.2)
    mongo (1.3.1)
      bson (>= 1.3.1)
    rack (1.3.2)
    rack-test (0.5.7)
      rack (>= 1.0)
    rake (0.9.2)
    sinatra (1.2.6)
      rack (~> 1.1)
      tilt (>= 1.2.2, < 2.0)
    tilt (1.3.2)

PLATFORMS
  ruby

DEPENDENCIES
  abongo!
  bson_ext
  haml
  mongo
  rack-test
  rake
  sinatra
